GIT
  remote: git://github.com/jnicklas/capybara.git
  revision: 218510e64f2fa8c2a2ccd3a709897be5dbfd1b93
  submodules: true
  specs:
    capybara (0.4.1.1)
      mime-types (>= 1.16)
      nokogiri (>= 1.3.3)
      rack (>= 1.0.0)
      rack-test (>= 0.5.4)
      selenium-webdriver (>= 0.0.27)
      xpath (~> 0.1.3)
    xpath (0.1.3)
      nokogiri (~> 1.3)

GEM
  remote: http://rubygems.org/
  specs:
    childprocess (0.1.8)
      ffi (~> 1.0.6)
    ffi (1.0.7)
      rake (>= 0.8.7)
    json_pure (1.5.1)
    mime-types (1.16)
    nokogiri (1.4.4)
    rack (1.2.2)
    rack-test (0.5.7)
      rack (>= 1.0)
    rake (0.8.7)
    rubyzip (0.9.4)
    selenium-webdriver (0.1.4)
      childprocess (>= 0.1.7)
      ffi (>= 1.0.7)
      json_pure
      rubyzip
    sinatra (1.1.2)
      rack (~> 1.1)
      tilt (~> 1.2)
    tilt (1.2.2)

PLATFORMS
  ruby

DEPENDENCIES
  bundler (~> 1.0)
  capybara!
  sinatra
